GEM
  remote: http://rubygems.org/
  specs:
    compass (0.10.6)
      haml (>= 3.0.4)
    haml (4.0.2)
      tilt
    sass (3.2.5)
    tilt (1.3.7)

PLATFORMS
  ruby

DEPENDENCIES
  compass (= 0.10.6)
  sass
